GEM
  remote: https://rubygems.org/
  specs:
    diff-lcs (1.2.5)
    git (1.2.5)
    json_pure (1.5.0)
    multi_json (1.5.0)
    rake (10.5.0)
    rdoc (3.9.4)
    rspec (2.99.0)
      rspec-core (~> 2.99.0)
      rspec-expectations (~> 2.99.0)
      rspec-mocks (~> 2.99.0)
    rspec-core (2.99.2)
    rspec-expectations (2.99.2)
      diff-lcs (>= 1.1.3, < 2.0)
    rspec-mocks (2.99.2)
    rubyforge (2.0.4)
      json_pure (>= 1.1.7)
    simplecov (0.7.1)
      multi_json (~> 1.0)
      simplecov-html (~> 0.7.1)
    simplecov-html (0.7.1)
    technicalpickles-jeweler (1.2.1)
      git (>= 1.2.1)
      rubyforge

PLATFORMS
  ruby
  x86-mingw32

DEPENDENCIES
  rake (~> 10.0)
  rdoc
  rspec (~> 2.99.0)
  rubyforge
  simplecov
  technicalpickles-jeweler

BUNDLED WITH
   1.13.6
